GEM
  remote: http://rubygems.org/
  specs:
    activesupport (3.0.1)
    daemons (1.1.0)
    eventmachine (0.12.10)
    git (1.2.5)
    haml (3.0.23)
    http_router (0.4.1)
      rack (>= 1.0.0)
      url_mount (~> 0.2.1)
    i18n (0.4.2)
    mail (2.2.9)
      activesupport (>= 2.3.6)
      i18n (~> 0.4.1)
      mime-types (~> 1.16)
      treetop (~> 1.4.8)
    mime-types (1.16)
    padrino (0.9.18)
      padrino-admin (= 0.9.18)
      padrino-core (= 0.9.18)
      padrino-gen (= 0.9.18)
      padrino-helpers (= 0.9.18)
      padrino-mailer (= 0.9.18)
    padrino-admin (0.9.18)
      padrino-core (= 0.9.18)
      padrino-helpers (= 0.9.18)
    padrino-core (0.9.18)
      activesupport (>= 3.0.0)
      http_router (~> 0.4.0)
      sinatra (>= 1.0.0)
      thor (>= 0.14.3)
      tzinfo
    padrino-gen (0.9.18)
      bundler (>= 1.0.2)
      git
      padrino-core (= 0.9.18)
    padrino-helpers (0.9.18)
      i18n (>= 0.4.1)
      padrino-core (= 0.9.18)
    padrino-mailer (0.9.18)
      mail (>= 2.2.0)
      padrino-core (= 0.9.18)
    polyglot (0.3.1)
    rack (1.2.1)
    rake (0.8.7)
    sinatra (1.1.0)
      rack (~> 1.1)
      tilt (~> 1.1)
    thin (1.2.7)
      daemons (>= 1.0.9)
      eventmachine (>= 0.12.6)
      rack (>= 1.0.0)
    thor (0.14.4)
    tilt (1.1)
    treetop (1.4.8)
      polyglot (>= 0.3.1)
    tzinfo (0.3.23)
    url_mount (0.2.1)
      rack

PLATFORMS
  ruby

DEPENDENCIES
  haml
  padrino
  rake
  thin
